NUGET
  remote: https://www.nuget.org/api/v2
  specs:
    EventStore.Client (3.6)
    FSharp.Core (4.0.0.1)
    Newtonsoft.Json (8.0.3)
    Suave (1.1.2)
      FSharp.Core (>= 3.1.2.5)
    Suave.LibUv (1.1.2)
      FSharp.Core (>= 3.1.2.5)
      Suave (>= 1.1.2)
